GEM
  remote: https://rubygems.org/
  specs:
    coderay (1.1.2)
    json (2.3.0)
    lp (0.2.1)
    method_source (0.9.2)
    pry (0.12.2)
      coderay (~> 1.1.0)
      method_source (~> 0.9.0)
    thor (1.0.1)
    yaml (0.1.0)

PLATFORMS
  ruby

DEPENDENCIES
  json
  lp
  pry
  thor
  yaml

BUNDLED WITH
   2.1.4
