GEM
  remote: https://rubygems.org/
  specs:
    coderay (1.1.2)
    filesize (0.2.0)
    io-console (0.5.5)
    json (2.3.0)
    lp (0.2.1)
    method_source (0.9.2)
    pry (0.12.2)
      coderay (~> 1.1.0)
      method_source (~> 0.9.0)
    pry-nav (0.3.0)
      pry (>= 0.9.10, < 0.13.0)
    readline (0.0.2)
      reline
    reline (0.1.2)
      io-console (~> 0.5)
    thor (1.0.1)
    thor_repl (0.1.3)
    yaml (0.1.0)

PLATFORMS
  ruby

DEPENDENCIES
  filesize
  json
  lp
  pry
  pry-nav
  readline
  thor
  thor_repl
  yaml

BUNDLED WITH
   2.1.4
